GEM
  remote: https://rubygems.org/
  specs:
    babel_bridge (0.5.5)

PLATFORMS
  ruby

DEPENDENCIES
  babel_bridge (~> 0.5.5)

BUNDLED WITH
   1.16.1
